GEM
  remote: https://rubygems.org/
  specs:
    mustache (1.0.3)

PLATFORMS
  ruby

DEPENDENCIES
  mustache (~> 1.0)

BUNDLED WITH
   1.14.3
